NUGET
  remote: https://www.nuget.org/api/v2
    FAKE (4.47)
    FSharp.Core (4.0.0.1)
    FSharp.Data.SqlClient (1.8.2)
    Suave (1.1.3)
      FSharp.Core (>= 3.1.2.5)
